GEM
  remote: https://rubygems.org/
  specs:
    bond (0.5.1)
    dotenv (0.11.1)
      dotenv-deployment (~> 0.0.2)
    dotenv-deployment (0.0.2)
    foreman (0.71.0)
      dotenv (~> 0.11.1)
      thor (~> 0.19.1)
    httpclient (2.3.4.1)
    hunspell (0.1.2)
    multi_json (1.10.1)
    pg (0.17.1)
    programr (0.0.1)
    pusher (0.12.0)
      httpclient (~> 2.3.0)
      multi_json (~> 1.0)
      signature (~> 0.1.6)
    rack (1.5.2)
    rack-protection (1.5.3)
      rack
    rack-test (0.6.2)
      rack (>= 1.0)
    ripl (0.7.1)
      bond (~> 0.5.1)
    ripl-multi_line (0.3.1)
      ripl (>= 0.3.6)
    ripl-rack (0.2.1)
      rack (>= 1.0)
      rack-test (~> 0.6.2)
      ripl (>= 0.7.0)
    signature (0.1.7)
    sinatra (1.4.5)
      rack (~> 1.4)
      rack-protection (~> 1.4)
      tilt (~> 1.3, >= 1.3.4)
    thor (0.19.1)
    tilt (1.4.1)
    tux (0.3.0)
      ripl (>= 0.3.5)
      ripl-multi_line (>= 0.2.4)
      ripl-rack (>= 0.2.0)
      sinatra (>= 1.2.1)

PLATFORMS
  ruby

DEPENDENCIES
  foreman
  hunspell
  pg
  programr
  pusher
  sinatra (= 1.4.5)
  tux
